GIT
  remote: https://github.com/twalpole/apparition.git
  revision: ca86be4d54af835d531dbcd2b86e7b2c77f85f34
  ref: ca86be4d54af835d531dbcd2b86e7b2c77f85f34
  specs:
    apparition (0.6.0)
      capybara (~> 3.13, < 4)
      websocket-driver (>= 0.6.5)

PATH
  remote: lib/phony_gem
  specs:
    phony_gem (0.1.0)

GEM
  remote: https://rubygems.org/
  specs:
    actioncable (7.0.4)
      actionpack (= 7.0.4)
      activesupport (= 7.0.4)
      nio4r (~> 2.0)
      websocket-driver (>= 0.6.1)
    actionmailbox (7.0.4)
      actionpack (= 7.0.4)
      activejob (= 7.0.4)
      activerecord (= 7.0.4)
      activestorage (= 7.0.4)
      activesupport (= 7.0.4)
      mail (>= 2.7.1)
      net-imap
      net-pop
      net-smtp
    actionmailer (7.0.4)
      actionpack (= 7.0.4)
      actionview (= 7.0.4)
      activejob (= 7.0.4)
      activesupport (= 7.0.4)
      mail (~> 2.5, >= 2.5.4)
      net-imap
      net-pop
      net-smtp
      rails-dom-testing (~> 2.0)
    actionpack (7.0.4)
      actionview (= 7.0.4)
      activesupport (= 7.0.4)
      rack (~> 2.0, >= 2.2.0)
      rack-test (>= 0.6.3)
      rails-dom-testing (~> 2.0)
      rails-html-sanitizer (~> 1.0, >= 1.2.0)
    actiontext (7.0.4)
      actionpack (= 7.0.4)
      activerecord (= 7.0.4)
      activestorage (= 7.0.4)
      activesupport (= 7.0.4)
      globalid (>= 0.6.0)
      nokogiri (>= 1.8.5)
    actionview (7.0.4)
      activesupport (= 7.0.4)
      builder (~> 3.1)
      erubi (~> 1.4)
      rails-dom-testing (~> 2.0)
      rails-html-sanitizer (~> 1.1, >= 1.2.0)
    activejob (7.0.4)
      activesupport (= 7.0.4)
      globalid (>= 0.3.6)
    activemodel (7.0.4)
      activesupport (= 7.0.4)
    activerecord (7.0.4)
      activemodel (= 7.0.4)
      activesupport (= 7.0.4)
    activestorage (7.0.4)
      actionpack (= 7.0.4)
      activejob (= 7.0.4)
      activerecord (= 7.0.4)
      activesupport (= 7.0.4)
      marcel (~> 1.0)
      mini_mime (>= 1.1.0)
    activesupport (7.0.4)
      concurrent-ruby (~> 1.0, >= 1.0.2)
      i18n (>= 1.6, < 2)
      minitest (>= 5.1)
      tzinfo (~> 2.0)
    addressable (2.8.1)
      public_suffix (>= 2.0.2, < 6.0)
    builder (3.2.4)
    capybara (3.38.0)
      addressable
      matrix
      mini_mime (>= 0.1.3)
      nokogiri (~> 1.8)
      rack (>= 1.6.0)
      rack-test (>= 0.6.3)
      regexp_parser (>= 1.5, < 3.0)
      xpath (~> 3.2)
    concurrent-ruby (1.2.0)
    crass (1.0.6)
    date (3.3.3)
    debug (1.7.1)
      irb (>= 1.5.0)
      reline (>= 0.3.1)
    erubi (1.12.0)
    globalid (1.0.1)
      activesupport (>= 5.0)
    i18n (1.12.0)
      concurrent-ruby (~> 1.0)
    io-console (0.6.0)
    irb (1.6.2)
      reline (>= 0.3.0)
    loofah (2.19.1)
      crass (~> 1.0.2)
      nokogiri (>= 1.5.9)
    mail (2.8.0.1)
      mini_mime (>= 0.1.1)
      net-imap
      net-pop
      net-smtp
    marcel (1.0.2)
    matrix (0.4.2)
    method_source (1.0.0)
    mini_mime (1.1.2)
    minitest (5.17.0)
    net-imap (0.3.4)
      date
      net-protocol
    net-pop (0.1.2)
      net-protocol
    net-protocol (0.2.1)
      timeout
    net-smtp (0.3.3)
      net-protocol
    nio4r (2.7.4)
    nokogiri (1.14.0-x86_64-linux)
      racc (~> 1.4)
    public_suffix (5.0.1)
    puma (5.6.5)
      nio4r (~> 2.0)
    racc (1.6.2)
    rack (2.2.6.2)
    rack-test (2.0.2)
      rack (>= 1.3)
    rails (7.0.4)
      actioncable (= 7.0.4)
      actionmailbox (= 7.0.4)
      actionmailer (= 7.0.4)
      actionpack (= 7.0.4)
      actiontext (= 7.0.4)
      actionview (= 7.0.4)
      activejob (= 7.0.4)
      activemodel (= 7.0.4)
      activerecord (= 7.0.4)
      activestorage (= 7.0.4)
      activesupport (= 7.0.4)
      bundler (>= 1.15.0)
      railties (= 7.0.4)
    rails-dom-testing (2.0.3)
      activesupport (>= 4.2.0)
      nokogiri (>= 1.6)
    rails-html-sanitizer (1.4.4)
      loofah (~> 2.19, >= 2.19.1)
    railties (7.0.4)
      actionpack (= 7.0.4)
      activesupport (= 7.0.4)
      method_source
      rake (>= 12.2)
      thor (~> 1.0)
      zeitwerk (~> 2.5)
    rake (13.0.6)
    regexp_parser (2.6.1)
    reline (0.3.2)
      io-console (~> 0.5)
    sprockets (4.2.0)
      concurrent-ruby (~> 1.0)
      rack (>= 2.2.4, < 4)
    sprockets-rails (3.4.2)
      actionpack (>= 5.2)
      activesupport (>= 5.2)
      sprockets (>= 3.0.0)
    sqlite3 (1.5.4-x86_64-linux)
    thor (1.2.1)
    timeout (0.3.1)
    tzinfo (2.0.5)
      concurrent-ruby (~> 1.0)
    tzinfo-data (1.2022.7)
      tzinfo (>= 1.0.0)
    websocket-driver (0.7.5)
      websocket-extensions (>= 0.1.0)
    websocket-extensions (0.1.5)
    xpath (3.2.0)
      nokogiri (~> 1.8)
    zeitwerk (2.6.6)

PLATFORMS
  x86_64-linux

DEPENDENCIES
  apparition!
  debug
  phony_gem!
  puma (~> 5.0)
  rails (~> 7.0.4)
  sprockets-rails
  sqlite3 (~> 1.4)
  tzinfo-data

CHECKSUMS
  actioncable (7.0.4) sha256=c7d67d18ddeb06d198ee0ccfcff3bcf888d42b5255e6e2b45f0dce557a2639c0
  actionmailbox (7.0.4) sha256=2af32de27ec2c7699425385f5f4ff4e66e2a7ec856179ade9734700bdec6784f
  actionmailer (7.0.4) sha256=f44ce4b348d77996170cc4ab6f49943073fd9ab43a4abb9a0baf092c53e34e86
  actionpack (7.0.4) sha256=355eb683d2b7913ce84ffd1aea4e292556d676e112a392508d5080a193b5002e
  actiontext (7.0.4) sha256=0d5cdd6dd4b59980dc06f99679964c0f72e6a48ce44dd8e3f79b45a959029813
  actionview (7.0.4) sha256=45e622b549304c986210064fd3ae6601e04c65f936901bcc4d0aacfcfa6ffd1b
  activejob (7.0.4) sha256=427815775d6f93bd33e6a21a67dbadb59a7a81d00b22153d4c082e9b9d3260c5
  activemodel (7.0.4) sha256=73e455768c206586cecb5aa5e157d6c299eebd1e704ae8fde1a0bbf7e6ee4a73
  activerecord (7.0.4) sha256=8406be2e6aa888de6066caa1a2722db5e3ed6dcf3313c8fd2cbd042bd0f0e51e
  activestorage (7.0.4) sha256=be0554ad49883028844c8456647ab0363c47b528ab51244a5a752db139a4bfa7
  activesupport (7.0.4) sha256=a0612ec7486de58fe2459d76f63b0d744856af5cb0170a1a12553b1247f86aa0
  addressable (2.8.1) sha256=bc724a176ef02118c8a3ed6b5c04c39cf59209607ffcce77b91d0261dbadedfa
  apparition (0.6.0)
  builder (3.2.4) sha256=99caf08af60c8d7f3a6b004029c4c3c0bdaebced6c949165fe98f1db27fbbc10
  capybara (3.38.0) sha256=7b6cc957d0a962cbbd1a9618603f024fd7fb261b4c16c5e3af682a313f4a6188
  concurrent-ruby (1.2.0) sha256=a5e799f71e7490f24a534d58c91380267d0ae306af0cdc518d6848b93475dae2
  crass (1.0.6) sha256=dc516022a56e7b3b156099abc81b6d2b08ea1ed12676ac7a5657617f012bd45d
  date (3.3.3) sha256=819792019d5712b748fb15f6dfaaedef14b0328723ef23583ea35f186774530f
  debug (1.7.1) sha256=d9bc6e6f6e23e5833e198890fa1f0d87ce1d17ab7ddf40910b2b132aa06f7fc2
  erubi (1.12.0) sha256=27bedb74dfb1e04ff60674975e182d8ca787f2224f2e8143268c7696f42e4723
  globalid (1.0.1) sha256=53b7c23a12d82182668528b94d6983c21c977d993bb145beb9e1d7d3dcef0b10
  i18n (1.12.0) sha256=91e3cc1b97616d308707eedee413d82ee021d751c918661fb82152793e64aced
  io-console (0.6.0) sha256=ce9d9a3455be48c56cac65b8ef7ec59b07526343905f9fda138791005b563336
  irb (1.6.2) sha256=2e7f76be31c6907642b7ff84397f3eed443360b7982e947e8594a08334a81b83
  loofah (2.19.1) sha256=6c6469efdefe3496010000a346f9d3bf710e11ac4661e353cf56852326fb1023
  mail (2.8.0.1) sha256=a1b7d963605971f901cac00ae67cfa8aff724620ac535776febf18c2b28c1758
  marcel (1.0.2) sha256=a013b677ef46cbcb49fd5c59b3d35803d2ee04dd75d8bfdc43533fc5a31f7e4e
  matrix (0.4.2) sha256=71083ccbd67a14a43bfa78d3e4dc0f4b503b9cc18e5b4b1d686dc0f9ef7c4cc0
  method_source (1.0.0) sha256=d779455a2b5666a079ce58577bfad8534f571af7cec8107f4dce328f0981dede
  mini_mime (1.1.2) sha256=a54aec0cc7438a03a850adb00daca2bdb60747f839e28186994df057cea87151
  minitest (5.17.0) sha256=c0dfaa3e99ed5ee3500c92bb114cf9d0d3c1e6995e162dd7b49970a9f0315ece
  net-imap (0.3.4) sha256=a82a59e2a429433dc54cae5a8b2979ffe49da8c66085740811bfa337dc3729b5
  net-pop (0.1.2) sha256=848b4e982013c15b2f0382792268763b748cce91c9e91e36b0f27ed26420dff3
  net-protocol (0.2.1) sha256=21adb19c197768899c389bd257545de9d5af64adb1928787653460c2699eac37
  net-smtp (0.3.3) sha256=3d51dcaa981b74aff2d89cbe89de4503bc2d682365ea5176366e950a0d68d5b0
  nio4r (2.7.4) sha256=d95dee68e0bb251b8ff90ac3423a511e3b784124e5db7ff5f4813a220ae73ca9
  nokogiri (1.14.0-x86_64-linux) sha256=faa88b2bca46adaa3420c6e27eb8eb71f5b8d9f454ed7488a194a00c5ef52fbe
  phony_gem (0.1.0)
  public_suffix (5.0.1) sha256=65603917ff4ecb32f499f42c14951aeed2380054fa7fc51758fc0a8d455fe043
  puma (5.6.5) sha256=661029d15a115e9f6c0641a69c830ffd9f1b9ac63fcd0791d94ccd900e03f863
  racc (1.6.2) sha256=58d26b3666382396fea84d33dc0639b7ee8d704156a52f8f22681f07b2f94f26
  rack (2.2.6.2) sha256=4be320c0fdea6651f0247dbd4182c1bd8acc06606a6b8935a19ad6a504347763
  rack-test (2.0.2) sha256=adadd0e957f63a34199a9fdf905a920a0b0a50795735095b4ac4bd3c13385466
  rails (7.0.4) sha256=e1d2dabe57de44b4baee978426aba811858c5e9ad0e258fc09157361937f5f31
  rails-dom-testing (2.0.3) sha256=b140c4f39f6e609c8113137b9a60dfc2ecb89864e496f87f23a68b3b8f12d8d1
  rails-html-sanitizer (1.4.4) sha256=895d0c87a2b6623891e85c1d507c7f16acda4e77d94692f537df35ba71398bd5
  railties (7.0.4) sha256=5215a3b0a6510c2332d50476b46df8008aa1efaef8a4094e6f5a74f521a9cffa
  rake (13.0.6) sha256=5ce4bf5037b4196c24ac62834d8db1ce175470391026bd9e557d669beeb19097
  regexp_parser (2.6.1) sha256=4e7b6a95c3b207c2d5274ff5f6334e7a564bf4f0e871028137dccd751eeb4766
  reline (0.3.2) sha256=97994af650de5dcf518508e4d94a859aea83e8cf65a0453c8ed7ce5a64acfaee
  sprockets (4.2.0) sha256=5c273487255c47523f30c0b673310fce70a09ca060a6bbcd3e5d0d489e19024c
  sprockets-rails (3.4.2) sha256=36d6327757ccf7460a00d1d52b2d5ef0019a4670503046a129fa1fb1300931ad
  sqlite3 (1.5.4-x86_64-linux) sha256=28a91539287a4a19d1beb1b168cbbec969eda3035a1c8c9208475d9765152f89
  thor (1.2.1) sha256=b1752153dc9c6b8d3fcaa665e9e1a00a3e73f28da5e238b81c404502e539d446
  timeout (0.3.1) sha256=eaab5f7da498d573b7b177b42ca4d23f07aadd7b5b0af6250b751077f204d052
  tzinfo (2.0.5) sha256=c5352fd901544d396745d013f46a04ae2ed081ce806d942099825b7c2b09a167
  tzinfo-data (1.2022.7) sha256=9732d8b2a0c776c071aece41771e12c2deb7dbb3c5e05ea3bf0144f9fc4d3537
  websocket-driver (0.7.5) sha256=a280c3f44dcbb0323d58bc78dc49350c05d589ab7d13267fcff08d9d5ae76b28
  websocket-extensions (0.1.5) sha256=1c6ba63092cda343eb53fc657110c71c754c56484aad42578495227d717a8241
  xpath (3.2.0) sha256=6dfda79d91bb3b949b947ecc5919f042ef2f399b904013eb3ef6d20dd3a4082e
  zeitwerk (2.6.6) sha256=bb397b50c31127f8dab372fa9b21da1e7c453c5b57da172ed858136c6283f826

RUBY VERSION
   ruby 3.4.6p54

BUNDLED WITH
   2.6.9
